GEM
  remote: https://rubygems.org/
  specs:
    escort (0.4.0)
      nesty
    nesty (1.0.2)
    tilt (2.0.1)

PLATFORMS
  ruby

DEPENDENCIES
  escort
  tilt

BUNDLED WITH
   1.10.6
